GEM
  remote: https://rubygems.org/
  specs:
    addressable (2.3.6)
    ast (2.0.0)
    data_objects (0.10.14)
      addressable (~> 2.1)
    dm-core (1.2.1)
      addressable (~> 2.3)
    dm-do-adapter (1.2.0)
      data_objects (~> 0.10.6)
      dm-core (~> 1.2.0)
    dm-migrations (1.2.0)
      dm-core (~> 1.2.0)
    dm-sqlite-adapter (1.2.0)
      dm-do-adapter (~> 1.2.0)
      do_sqlite3 (~> 0.10.6)
    dm-timestamps (1.2.0)
      dm-core (~> 1.2.0)
    dm-validations (1.2.0)
      dm-core (~> 1.2.0)
    do_sqlite3 (0.10.14)
      data_objects (= 0.10.14)
    haml (4.0.5)
      tilt
    parser (2.2.0.pre.4)
      ast (>= 1.1, < 3.0)
      slop (~> 3.4, >= 3.4.5)
    powerpack (0.0.9)
    rack (1.5.2)
    rack-flash (0.1.2)
      rack
    rack-protection (1.5.3)
      rack
    rainbow (2.0.0)
    rubocop (0.25.0)
      parser (>= 2.2.0.pre.4, < 3.0)
      powerpack (~> 0.0.6)
      rainbow (>= 1.99.1, < 3.0)
      ruby-progressbar (~> 1.4)
    ruby-progressbar (1.5.1)
    rufus-tokyo (1.0.7)
    shotgun (0.9)
      rack (>= 1.0)
    sinatra (1.4.5)
      rack (~> 1.4)
      rack-protection (~> 1.4)
      tilt (~> 1.3, >= 1.3.4)
    sinatra-authentication (0.4.1)
      dm-core
      dm-migrations
      dm-timestamps
      dm-validations
      rack-flash
      rufus-tokyo
      sinatra
      sinbook
    sinatra-flash (0.3.0)
      sinatra (>= 1.0.0)
    sinbook (0.1.9)
      yajl-ruby
    slop (3.6.0)
    tilt (1.4.1)
    yajl-ruby (1.2.1)

PLATFORMS
  ruby

DEPENDENCIES
  dm-core
  dm-migrations
  dm-sqlite-adapter
  haml
  rubocop
  shotgun
  sinatra
  sinatra-authentication
  sinatra-flash
